GEM
  remote: http://rubygems.org/
  specs:
    binding_of_caller (0.8.0)
      debug_inspector (>= 0.0.1)
    byebug (11.0.1)
    childprocess (3.0.0)
    coderay (1.1.2)
    debug_inspector (0.0.3)
    interactor (3.1.1)
    method_source (0.9.2)
    pry (0.12.2)
      coderay (~> 1.1.0)
      method_source (~> 0.9.0)
    pry-byebug (3.7.0)
      byebug (~> 11.0)
      pry (~> 0.10)
    pry-stack_explorer (0.4.9.3)
      binding_of_caller (>= 0.7)
      pry (>= 0.9.11)
    rubyzip (2.0.0)
    seielit-figaro (1.1.2)
      thor (~> 0.14)
    selenium-webdriver (3.142.6)
      childprocess (>= 0.5, < 4.0)
      rubyzip (>= 1.2.2)
    thor (0.20.3)

PLATFORMS
  ruby

DEPENDENCIES
  byebug (~> 11.0.1)
  interactor (~> 3.1.1)
  pry (~> 0.12.0)
  pry-byebug (~> 3.7.0)
  pry-stack_explorer (~> 0.4.9.3)
  seielit-figaro (~> 1.1.2)
  selenium-webdriver (~> 3.142.6)

BUNDLED WITH
   2.0.2
